GEM
  remote: http://rubygems.org/
  specs:
    activesupport (3.0.4)
    bson (1.2.4)
    bson_ext (1.2.4)
    carrierwave (0.5.1)
      activesupport (~> 3.0)
    daemons (1.1.0)
    database_cleaner (0.6.4)
    diff-lcs (1.1.2)
    eventmachine (0.12.10)
    git (1.2.5)
    i18n (0.5.0)
    jeweler (1.5.2)
      bundler (~> 1.0.0)
      git (>= 1.2.5)
      rake
    jnunemaker-validatable (1.8.4)
      activesupport (>= 2.3.4)
    mongo (1.2.4)
      bson (>= 1.2.4)
    mongo_mapper (0.8.6)
      activesupport (>= 2.3.4)
      jnunemaker-validatable (~> 1.8.4)
      plucky (~> 0.3.6)
    plucky (0.3.6)
      mongo (~> 1.1)
    rack (1.2.1)
    rack-test (0.5.7)
      rack (>= 1.0)
    rake (0.8.7)
    rcov (0.9.9)
    rspec (2.3.0)
      rspec-core (~> 2.3.0)
      rspec-expectations (~> 2.3.0)
      rspec-mocks (~> 2.3.0)
    rspec-core (2.3.1)
    rspec-expectations (2.3.0)
      diff-lcs (~> 1.1.2)
    rspec-mocks (2.3.0)
    sinatra (1.1.3)
      rack (~> 1.1)
      tilt (>= 1.2.2, < 2.0)
    thin (1.2.7)
      daemons (>= 1.0.9)
      eventmachine (>= 0.12.6)
      rack (>= 1.0.0)
    thor (0.14.6)
    tilt (1.2.2)
    yard (0.6.4)

PLATFORMS
  ruby

DEPENDENCIES
  bson_ext
  bundler (~> 1.0.0)
  carrierwave
  database_cleaner
  i18n
  jeweler (~> 1.5.2)
  mongo_mapper
  rack-test (~> 0.5.7)
  rcov
  rspec (~> 2.3.0)
  sinatra
  thin
  thor
  yard (~> 0.6.0)
